GEM
  remote: https://rubygems.org/
  specs:
    coderay (1.1.2)
    json (2.3.0)
    method_source (0.9.2)
    multi_json (1.14.1)
    mustermann (2.0.2)
      ruby2_keywords (~> 0.0.1)
    pry (0.12.2)
      coderay (~> 1.1.0)
      method_source (~> 0.9.0)
    rack (2.2.4)
    rack-protection (2.2.3)
      rack
    ruby2_keywords (0.0.5)
    sinatra (2.2.3)
      mustermann (~> 2.0)
      rack (~> 2.2)
      rack-protection (= 2.2.3)
      tilt (~> 2.0)
    sinatra-contrib (2.2.3)
      multi_json
      mustermann (~> 2.0)
      rack-protection (= 2.2.3)
      sinatra (= 2.2.3)
      tilt (~> 2.0)
    tilt (2.0.11)

PLATFORMS
  ruby

DEPENDENCIES
  json
  pry
  sinatra (~> 2.2)
  sinatra-contrib

BUNDLED WITH
   2.1.0
